GEM
  remote: http://rubygems.org/
  specs:
    rack (2.0.1)
    sequel (4.41.0)
    sqlite3 (1.3.12)

PLATFORMS
  ruby

DEPENDENCIES
  rack (~> 2.0.1)
  sequel (~> 4.41.0)
  sqlite3 (~> 1.3.12)

BUNDLED WITH
   1.13.7
